GEM
  remote: https://rubygems.org/
  specs:
    coderay (1.1.0)
    httmultiparty (0.3.12)
      httparty (>= 0.7.3)
      mimemagic
      multipart-post
    httparty (0.13.0)
      json (~> 1.8)
      multi_xml (>= 0.5.2)
    json (1.8.1)
    method_source (0.8.2)
    mimemagic (0.2.1)
    multi_xml (0.5.5)
    multipart-post (2.0.0)
    pry (0.9.12.6)
      coderay (~> 1.0)
      method_source (~> 0.8)
      slop (~> 3.4)
    slop (3.5.0)

PLATFORMS
  ruby

DEPENDENCIES
  httmultiparty (= 0.3.12)
  httparty (= 0.13.0)
  pry
